GEM
  remote: https://rubygems.org/
  specs:
    byebug (11.1.3)
    google-protobuf (3.19.1)
    googleapis-common-protos-types (1.3.0)
      google-protobuf (~> 3.14)
    grpc (1.41.0)
      google-protobuf (~> 3.17)
      googleapis-common-protos-types (~> 1.0)
    grpc-tools (1.41.0)
    rake (13.0.6)

PLATFORMS
  ruby

DEPENDENCIES
  byebug (~> 11.1)
  grpc (~> 1.41)
  grpc-tools (~> 1.41)
  rake (~> 13.0)

BUNDLED WITH
   2.1.4
